GEM
  remote: https://rubygems.org/
  specs:
    backports (3.6.8)
    bcrypt (3.1.11)
    bcrypt (3.1.11-java)
    jdbc-postgres (9.4.1206)
    jdbc-sqlite3 (3.15.1)
    jrjackson (0.4.2-java)
    multi_json (1.12.1)
    oj (2.18.0)
    pg (0.19.0)
    puma (3.6.0)
    puma (3.6.0-java)
    rack (1.6.5)
    rack-cors (0.4.0)
    rack-protection (1.5.3)
      rack
    rack-test (0.6.3)
      rack (>= 1.0)
    sequel (4.42.0)
    sinatra (1.4.7)
      rack (~> 1.5)
      rack-protection (~> 1.4)
      tilt (>= 1.3, < 3)
    sinatra-contrib (1.4.7)
      backports (>= 2.0)
      multi_json
      rack-protection
      rack-test
      sinatra (~> 1.4.0)
      tilt (>= 1.3, < 3)
    sqlite3 (1.3.12)
    tilt (2.0.5)

PLATFORMS
  java
  ruby

DEPENDENCIES
  bcrypt (~> 3.1.6)
  jdbc-postgres
  jdbc-sqlite3 (~> 3.15.1)
  jrjackson
  oj
  pg
  puma (~> 3.6.0)
  rack-cors
  sequel (~> 4.42.0)
  sinatra (~> 1.4.7)
  sinatra-contrib (~> 1.4.7)
  sqlite3 (~> 1.3.12)

BUNDLED WITH
   1.13.7
