GEM
  remote: https://rubygems.org/
  specs:
    backports (3.6.8)
    i18n (0.7.0)
    jdbc-sqlite3 (3.15.1)
    multi_json (1.12.1)
    rack (1.6.5)
    rack-protection (1.5.3)
      rack
    rack-test (0.6.3)
      rack (>= 1.0)
    sequel (4.42.0)
    sinatra (1.4.7)
      rack (~> 1.5)
      rack-protection (~> 1.4)
      tilt (>= 1.3, < 3)
    sinatra-contrib (1.4.7)
      backports (>= 2.0)
      multi_json
      rack-protection
      rack-test
      sinatra (~> 1.4.0)
      tilt (>= 1.3, < 3)
    sqlite3 (1.3.12)
    tilt (2.0.5)

PLATFORMS
  java
  ruby

DEPENDENCIES
  i18n (~> 0.7.0)
  jdbc-sqlite3 (~> 3.15.1)
  sequel (~> 4.42.0)
  sinatra (~> 1.4.7)
  sinatra-contrib (~> 1.4.7)
  sqlite3 (~> 1.3.12)

BUNDLED WITH
   1.13.6
